GEM
  remote: https://rubygems.org/
  specs:
    RedCloth (4.3.2)
    addressable (2.5.2)
      public_suffix (>= 2.0.2, < 4.0)
    asciidoctor (2.0.12)
    builder (3.2.4)
    charlock_holmes (0.7.6)
    commonmarker (0.21.0)
      ruby-enum (~> 0.5)
    concurrent-ruby (1.1.7)
    creole (0.5.0)
    dotenv (2.5.0)
    escape_utils (1.2.1)
    expression_parser (0.9.0)
    faraday (0.15.2)
      multipart-post (>= 1.2, < 3)
    github-linguist (6.4.1)
      charlock_holmes (~> 0.7.6)
      escape_utils (~> 1.2.0)
      mime-types (>= 1.19)
      rugged (>= 0.25.1)
    htmlentities (4.3.4)
    i18n (1.8.5)
      concurrent-ruby (~> 1.0)
    idn-ruby (0.1.0)
    licensee (9.9.4)
      dotenv (~> 2.0)
      octokit (~> 4.8.0)
      rugged (~> 0.24)
      thor (~> 0.19)
    mime-types (3.2.2)
      mime-types-data (~> 3.2015)
    mime-types-data (3.2018.0812)
    mini_portile2 (2.4.0)
    multipart-post (2.0.0)
    nokogiri (1.10.10)
      mini_portile2 (~> 2.4.0)
    octokit (4.8.0)
      sawyer (~> 0.8.0, >= 0.5.3)
    org-ruby (0.9.12)
      rubypants (~> 0.2)
    public_suffix (3.0.3)
    rdoc (3.6.1)
    ruby-enum (0.8.0)
      i18n
    rubypants (0.7.1)
    rugged (0.27.4)
    sawyer (0.8.1)
      addressable (>= 2.3.5, < 2.6)
      faraday (~> 0.8, < 1.0)
    thor (0.20.0)
    twitter-text (3.1.0)
      idn-ruby
      unf (~> 0.1.0)
    unf (0.1.4)
      unf_ext
    unf_ext (0.0.7.7)
    wikicloth (0.8.3)
      builder
      expression_parser
      htmlentities
      nokogiri
      twitter-text

PLATFORMS
  ruby

DEPENDENCIES
  RedCloth (~> 4.3)
  asciidoctor (~> 2.0)
  commonmarker (~> 0.21.0)
  creole (~> 0.5.0)
  github-linguist
  licensee (>= 9.9.0)
  org-ruby (~> 0.9.12)
  rdoc (= 3.6.1)
  wikicloth (~> 0.8.3)

BUNDLED WITH
   2.1.4
