GEM
  remote: https://rubygems.org/
  specs:
    addressable (2.5.2)
      public_suffix (>= 2.0.2, < 4.0)
    charlock_holmes (0.7.6)
    dotenv (2.5.0)
    escape_utils (1.2.1)
    faraday (0.15.2)
      multipart-post (>= 1.2, < 3)
    github-linguist (6.4.1)
      charlock_holmes (~> 0.7.6)
      escape_utils (~> 1.2.0)
      mime-types (>= 1.19)
      rugged (>= 0.25.1)
    licensee (9.9.4)
      dotenv (~> 2.0)
      octokit (~> 4.8.0)
      rugged (~> 0.24)
      thor (~> 0.19)
    mime-types (3.2.2)
      mime-types-data (~> 3.2015)
    mime-types-data (3.2018.0812)
    multipart-post (2.0.0)
    octokit (4.8.0)
      sawyer (~> 0.8.0, >= 0.5.3)
    public_suffix (3.0.3)
    rugged (0.27.4)
    sawyer (0.8.1)
      addressable (>= 2.3.5, < 2.6)
      faraday (~> 0.8, < 1.0)
    thor (0.20.0)

PLATFORMS
  ruby

DEPENDENCIES
  github-linguist
  licensee (>= 9.9.0)

BUNDLED WITH
   1.16.2
